NUGET
  remote: https://nuget.org/api/v2
  specs:
    FAKE (3.25.2)
    FSharp.Core (3.1.2.1)
    FsPickler (1.0.15)
    Newtonsoft.Json (6.0.8)
    Suave (0.26.1)
      FSharp.Core (>= 3.1.2.1)
      FsPickler (>= 1.0.7)
    Topshelf (3.1.4)
