NUGET
  remote: https://nuget.org/api/v2
  specs:
    FAKE (3.14.8)
    FSharp.Core (3.1.2.1)
    FsPickler (1.0.8)
    Newtonsoft.Json (6.0.8)
    Suave (0.21.1)
      FSharp.Core (>= 3.1.2.1)
      FsPickler (>= 1.0.6)
    Topshelf (3.1.4)
